GEM
  specs:
    mrdialog (1.0.3)

PLATFORMS
  x86_64-linux

DEPENDENCIES
  mrdialog

BUNDLED WITH
   2.2.16
